GEM
  remote: https://rubygems.org/
  specs:
    dotenv (2.5.0)
    hashie (3.6.0)
    hipchat (1.6.0)
      httparty
      mimemagic
    hipchat-api (1.0.6)
      httparty
    httparty (0.16.2)
      multi_xml (>= 0.5.2)
    json (2.1.0)
    mimemagic (0.3.2)
    multi_xml (0.6.0)

PLATFORMS
  ruby

DEPENDENCIES
  dotenv
  hashie
  hipchat
  hipchat-api
  json

BUNDLED WITH
   1.16.6
