GEM
  remote: https://rubygems.org/
  specs:
    dotenv (2.0.2)
    hashie (3.4.2)
    hipchat (1.5.2)
      httparty
      mimemagic
    hipchat-api (1.0.6)
      httparty
    httparty (0.13.5)
      json (~> 1.8)
      multi_xml (>= 0.5.2)
    json (1.8.3)
    mimemagic (0.3.0)
    multi_xml (0.5.5)

PLATFORMS
  ruby

DEPENDENCIES
  dotenv
  hashie
  hipchat
  hipchat-api
  json

BUNDLED WITH
   1.10.6
