GEM
  remote: https://rubygems.org/
  specs:
    hipchat-api (1.0.6)
      httparty
    httparty (0.13.5)
      json (~> 1.8)
      multi_xml (>= 0.5.2)
    json (1.8.3)
    multi_xml (0.5.5)

PLATFORMS
  ruby

DEPENDENCIES
  hipchat-api

BUNDLED WITH
   1.10.3
